GIT
  remote: git@git.stratosphe.re:reddit/akatoshbot.git
  revision: 4b39cedfa1ac5e32aa690cb5b5c4cec9b39b4f73
  branch: master
  specs:
    akatoshbot (0.2.1)
      crassius

GIT
  remote: git@git.stratosphe.re:reddit/crassius.git
  revision: 97608c904585b427da0f760c9f2f8fb97633c55a
  branch: master
  specs:
    crassius (0.2.1)
      erubis
      htmlentities
      snoo

GEM
  remote: https://rubygems.org/
  specs:
    coderay (1.1.0)
    erubis (2.7.0)
    hike (1.2.3)
    htmlentities (4.3.1)
    httparty (0.12.0)
      json (~> 1.8)
      multi_xml (>= 0.5.2)
    json (1.8.1)
    method_source (0.8.2)
    mini_portile (0.5.2)
    multi_json (1.8.2)
    multi_xml (0.5.5)
    nokogiri (1.6.0)
      mini_portile (~> 0.5.0)
    pry (0.9.12.3)
      coderay (~> 1.0)
      method_source (~> 0.8)
      slop (~> 3.4)
    rack (1.5.2)
    rake (10.1.0)
    slop (3.4.7)
    snoo (0.1.2)
      httparty
      nokogiri
    sprockets (2.10.0)
      hike (~> 1.2)
      multi_json (~> 1.0)
      rack (~> 1.0)
      tilt (~> 1.1, != 1.3.0)
    tilt (1.4.1)

PLATFORMS
  ruby

DEPENDENCIES
  akatoshbot!
  crassius!
  pry
  rake
  sprockets
